GIT
  remote: https://github.com/jasoncolburne/jason-math
  revision: bc1c94da206895b939d7cdbcb7d9cdd2d2ffd387
  branch: main
  specs:
    jason-math (0.1.0)
      rb_heap

GEM
  remote: https://rubygems.org/
  specs:
    rb_heap (1.0.0)

PLATFORMS
  ruby

DEPENDENCIES
  jason-math!

BUNDLED WITH
   1.17.2
