GIT
  remote: https://github.com/jasoncolburne/jason-math
  revision: d0a88ed134a736a7b7204d1a48da9bdd385fea6c
  branch: main
  specs:
    jason-math (0.1.0)
      rb_heap

GEM
  remote: https://rubygems.org/
  specs:
    rb_heap (1.0.0)

PLATFORMS
  ruby

DEPENDENCIES
  jason-math!

BUNDLED WITH
   1.17.2
