GIT
  remote: https://github.com/jasoncolburne/jason-math
  revision: c1107cccf19ad54f5ae1e6d9e63ca4805a4fc6b8
  branch: main
  specs:
    jason-math (0.1.0)
      rb_heap

GEM
  remote: https://rubygems.org/
  specs:
    rb_heap (1.0.0)

PLATFORMS
  ruby

DEPENDENCIES
  jason-math!

BUNDLED WITH
   1.17.2
