GIT
  remote: https://github.com/jasoncolburne/jason-math
  revision: 3e203aa180e68b674e44248a6a6cdbba7a316200
  branch: main
  specs:
    jason-math (0.1.0)
      rb_heap

GEM
  remote: https://rubygems.org/
  specs:
    rb_heap (1.0.0)

PLATFORMS
  ruby

DEPENDENCIES
  jason-math!

BUNDLED WITH
   1.17.2
