GIT
  remote: https://github.com/jasoncolburne/jason-math
  revision: a45d9027cd96133c5c644ac98086f067a604b4e3
  branch: main
  specs:
    jason-math (0.1.0)
      rb_heap

GEM
  remote: https://rubygems.org/
  specs:
    rb_heap (1.0.0)

PLATFORMS
  ruby

DEPENDENCIES
  jason-math!

BUNDLED WITH
   1.17.2
