GIT
  remote: https://github.com/jasoncolburne/jason-math
  revision: 80219fa68da9a27d995e32597f57a9a8ea9024c7
  branch: main
  specs:
    jason-math (0.1.0)
      rb_heap

GEM
  remote: https://rubygems.org/
  specs:
    rb_heap (1.0.0)

PLATFORMS
  ruby

DEPENDENCIES
  jason-math!

BUNDLED WITH
   1.17.2
