GIT
  remote: https://github.com/jasoncolburne/jason-math
  revision: f74fbcd072615b310eb5344532cfb04fa413abc6
  branch: main
  specs:
    jason-math (0.1.0)
      rb_heap

GEM
  remote: https://rubygems.org/
  specs:
    rb_heap (1.0.0)

PLATFORMS
  ruby

DEPENDENCIES
  jason-math!

BUNDLED WITH
   1.17.2
