GIT
  remote: https://github.com/jasoncolburne/jason-math
  revision: 3a1c23195997e19d000d9354ae4652249618dbcd
  branch: main
  specs:
    jason-math (0.1.0)
      rb_heap

GEM
  remote: https://rubygems.org/
  specs:
    rb_heap (1.0.0)

PLATFORMS
  ruby

DEPENDENCIES
  jason-math!

BUNDLED WITH
   1.17.2
