GIT
  remote: https://github.com/jasoncolburne/jason-math
  revision: 7fddef8632231687b2b79ca19e022100dd4f1e7b
  branch: main
  specs:
    jason-math (0.1.0)
      rb_heap

GEM
  remote: https://rubygems.org/
  specs:
    rb_heap (1.0.0)

PLATFORMS
  ruby

DEPENDENCIES
  jason-math!

BUNDLED WITH
   1.17.2
