GIT
  remote: https://github.com/jasoncolburne/jason-math
  revision: a6418d637089939fcfb45e4352edc3f4c63d7c7a
  branch: main
  specs:
    jason-math (0.1.0)
      rb_heap
      securerandom

GEM
  remote: https://rubygems.org/
  specs:
    rb_heap (1.1.0)
    ruby-prof (1.4.3)
    securerandom (0.1.1)

PLATFORMS
  ruby

DEPENDENCIES
  jason-math!
  ruby-prof

BUNDLED WITH
   2.2.33
