GIT
  remote: https://github.com/jasoncolburne/jason-math
  revision: f366c449d4be3310aeeda0716078c1b802b4bcb0
  branch: main
  specs:
    jason-math (0.1.0)
      rb_heap
      securerandom

GEM
  remote: https://rubygems.org/
  specs:
    rb_heap (1.1.0)
    securerandom (0.1.1)

PLATFORMS
  ruby

DEPENDENCIES
  jason-math!

BUNDLED WITH
   2.2.33
