GIT
  remote: https://github.com/jasoncolburne/jason-math
  revision: ea2dbbd99062b3e4a576fd450a2b86f20cd47177
  branch: main
  specs:
    jason-math (0.1.0)
      rb_heap

GEM
  remote: https://rubygems.org/
  specs:
    rb_heap (1.0.0)

PLATFORMS
  ruby

DEPENDENCIES
  jason-math!

BUNDLED WITH
   2.2.33
