GIT
  remote: https://github.com/jasoncolburne/jason-math
  revision: 20981be7afdca48cb5084037b575aa45e46fac77
  branch: main
  specs:
    jason-math (0.1.0)
      rb_heap

GEM
  remote: https://rubygems.org/
  specs:
    rb_heap (1.0.0)

PLATFORMS
  ruby

DEPENDENCIES
  jason-math!

BUNDLED WITH
   1.17.2
