GIT
  remote: https://github.com/jasoncolburne/jason-math
  revision: 435f7c15a9e78c95ac994c5d3d2330476dbd05fb
  branch: main
  specs:
    jason-math (0.1.0)
      rb_heap

GEM
  remote: https://rubygems.org/
  specs:
    rb_heap (1.0.0)

PLATFORMS
  ruby

DEPENDENCIES
  jason-math!

BUNDLED WITH
   1.17.2
